GIT
  remote: git://github.com/jnicklas/carrierwave.git
  revision: 3a63c603c867e2b7f416500e3f0749a51630c19d
  specs:
    carrierwave (0.5.2)
      activesupport (~> 3.0)

GIT
  remote: git://github.com/rack/rack.git
  revision: e3ffeac0dc04bb8d5994b7923bf12e55d549a279
  specs:
    rack (1.2.1)

GIT
  remote: git://github.com/rails/arel.git
  revision: 2644bcec7dbe3a65277b3a6a141853484171535a
  specs:
    arel (2.0.7.beta.20110224095102)

GIT
  remote: git://github.com/rails/dynamic_form.git
  revision: ebb03213ef8268e24c60e5e162b811d199777227
  specs:
    dynamic_form (1.0.0)
      rails (>= 3.0.0)

GIT
  remote: git://github.com/rails/rails.git
  revision: a00bed0c48f469d1cd2de364bfaddbc724046195
  specs:
    actionmailer (3.1.0.beta)
      actionpack (= 3.1.0.beta)
      mail (~> 2.2.15)
    actionpack (3.1.0.beta)
      activemodel (= 3.1.0.beta)
      activesupport (= 3.1.0.beta)
      builder (~> 3.0.0)
      erubis (~> 2.6.6)
      i18n (~> 0.5.0)
      rack (~> 1.2.1)
      rack-cache (~> 1.0.0)
      rack-mount (~> 0.6.13)
      rack-test (~> 0.5.7)
      tzinfo (~> 0.3.23)
    activemodel (3.1.0.beta)
      activesupport (= 3.1.0.beta)
      bcrypt-ruby (~> 2.1.4)
      builder (~> 3.0.0)
      i18n (~> 0.5.0)
    activerecord (3.1.0.beta)
      activemodel (= 3.1.0.beta)
      activesupport (= 3.1.0.beta)
      arel (~> 2.0.2)
      tzinfo (~> 0.3.23)
    activeresource (3.1.0.beta)
      activemodel (= 3.1.0.beta)
      activesupport (= 3.1.0.beta)
    activesupport (3.1.0.beta)
    rails (3.1.0.beta)
      actionmailer (= 3.1.0.beta)
      actionpack (= 3.1.0.beta)
      activerecord (= 3.1.0.beta)
      activeresource (= 3.1.0.beta)
      activesupport (= 3.1.0.beta)
      bundler (~> 1.0)
      railties (= 3.1.0.beta)
    railties (3.1.0.beta)
      actionpack (= 3.1.0.beta)
      activesupport (= 3.1.0.beta)
      rake (>= 0.8.7)
      thor (~> 0.14.4)

GIT
  remote: git://github.com/rtomayko/rack-cache.git
  revision: c3c9b67bbf3a6d0b268fdfc93ba3e9aeeac36816
  specs:
    rack-cache (1.0)
      rack (>= 0.4)

GEM
  remote: http://rubygems.org/
  specs:
    abstract (1.0.0)
    bcrypt-ruby (2.1.4)
    builder (3.0.0)
    erubis (2.6.6)
      abstract (>= 1.0.0)
    i18n (0.5.0)
    mail (2.2.15)
      activesupport (>= 2.3.6)
      i18n (>= 0.4.0)
      mime-types (~> 1.16)
      treetop (~> 1.4.8)
    mime-types (1.16)
    polyglot (0.3.1)
    rack-mount (0.6.13)
      rack (>= 1.0.0)
    rack-test (0.5.7)
      rack (>= 1.0)
    rake (0.8.7)
    sqlite3 (1.3.3)
    thor (0.14.6)
    treetop (1.4.9)
      polyglot (>= 0.3.1)
    tzinfo (0.3.24)

PLATFORMS
  ruby

DEPENDENCIES
  arel!
  carrierwave!
  dynamic_form!
  rack!
  rack-cache!
  rails!
  sqlite3
